GEM
  remote: https://rubygems.org/
  specs:
    addressable (2.3.5)
    cookiejar (0.3.0)
    daemons (1.1.9)
    em-http-request (1.0.3)
      addressable (>= 2.2.3)
      cookiejar
      em-socksify
      eventmachine (>= 1.0.0.beta.4)
      http_parser.rb (>= 0.5.3)
    em-socksify (0.3.0)
      eventmachine (>= 1.0.0.beta.4)
    em-twitter (0.2.2)
      eventmachine (~> 1.0)
      http_parser.rb (~> 0.5)
      simple_oauth (~> 0.1)
    eventmachine (1.0.3)
    faraday (0.8.8)
      multipart-post (~> 1.2.0)
    fastercsv (1.5.5)
    geokit (1.6.5)
      multi_json
    htmlentities (4.3.1)
    http_parser.rb (0.5.3)
    launchy (2.3.0)
      addressable (~> 2.3)
    multi_json (1.7.9)
    multipart-post (1.2.0)
    oauth (0.4.7)
    oj (2.1.4)
    retryable (1.3.3)
    simple_oauth (0.2.0)
    t (1.7.2)
      fastercsv (~> 1.5)
      geokit (~> 1.6)
      htmlentities (~> 4.3)
      launchy (~> 2.3)
      oauth (~> 0.4)
      oj (~> 2.0)
      retryable (~> 1.2)
      thor (>= 0.18.1, < 2)
      tweetstream (~> 2.3)
      twitter (~> 4.4)
    thor (0.18.1)
    tweetstream (2.5.0)
      daemons (~> 1.1)
      em-http-request (~> 1.0.2)
      em-twitter (~> 0.2)
      twitter (~> 4.5)
      yajl-ruby (~> 1.1)
    twitter (4.8.1)
      faraday (~> 0.8, < 0.10)
      multi_json (~> 1.0)
      simple_oauth (~> 0.2)
    yajl-ruby (1.1.0)

PLATFORMS
  ruby

DEPENDENCIES
  t
  twitter
